PATH
  remote: .
  specs:
    simple-http (0.1.4)

GEM
  remote: https://rubygems.org/
  specs:
    power_assert (1.1.1)
    rake (12.3.3)
    test-unit (3.2.7)
      power_assert

PLATFORMS
  ruby

DEPENDENCIES
  rake
  simple-http!
  test-unit

BUNDLED WITH
   1.17.3
