PATH
  remote: .
  specs:
    simple-http (0.1.0)

GEM
  remote: https://rubygems.org/
  specs:
    power_assert (0.2.4)
    rake (10.4.2)
    test-unit (3.1.3)
      power_assert

PLATFORMS
  ruby

DEPENDENCIES
  rake
  simple-http!
  test-unit
